GEM
  remote: https://rubygems.org/
  specs:
    better-logger (0.0.4)
      colored
    colored (1.2)
    daemons (1.2.4)
    eventmachine (1.2.1)
    json (2.0.2)
    mini_portile2 (2.1.0)
    nokogiri (1.6.8.1)
      mini_portile2 (~> 2.1.0)
    pg (0.19.0)
    rack (1.6.4)
    rack-protection (1.5.3)
      rack
    ruby-lzma (0.4.3)
    sinatra (1.4.7)
      rack (~> 1.5)
      rack-protection (~> 1.4)
      tilt (>= 1.3, < 3)
    sqlite3 (1.3.12)
    thin (1.7.0)
      daemons (~> 1.0, >= 1.0.9)
      eventmachine (~> 1.0, >= 1.0.4)
      rack (>= 1, < 3)
    tilt (2.0.5)

PLATFORMS
  ruby

DEPENDENCIES
  better-logger
  json
  nokogiri
  pg
  ruby-lzma
  sinatra
  sqlite3
  thin

BUNDLED WITH
   1.13.1
