GEM
  remote: https://ruby.taobao.org/
  specs:
    better-logger (0.0.4)
      colored
    colored (1.2)
    json (2.0.2)
    mini_portile2 (2.1.0)
    nokogiri (1.6.8)
      mini_portile2 (~> 2.1.0)
      pkg-config (~> 1.1.7)
    pg (0.18.4)
    pkg-config (1.1.7)
    rack (1.6.4)
    rack-protection (1.5.3)
      rack
    ruby-lzma (0.4.3)
    sinatra (1.4.5)
      rack (~> 1.4)
      rack-protection (~> 1.4)
      tilt (~> 1.3, >= 1.3.4)
    sqlite3 (1.3.11)
    tilt (1.4.1)

PLATFORMS
  ruby

DEPENDENCIES
  better-logger (~> 0.0.4)
  json (>= 1.7.7)
  nokogiri (>= 1.6.8)
  pg (>= 0.18.4)
  ruby-lzma (>= 0.4.3)
  sinatra (>= 1.4.5)
  sqlite3 (>= 1.3.10)

BUNDLED WITH
   1.12.5
