GEM
  remote: https://rubygems.org/
  specs:
    better-logger (0.0.4)
      colored
    colored (1.2)
    json (2.0.3)
    mini_portile2 (2.1.0)
    nokogiri (1.7.0.1)
      mini_portile2 (~> 2.1.0)
    pg (0.19.0)
    rack (1.6.5)
    rack-protection (1.5.3)
      rack
    ruby-lzma (0.4.3)
    sinatra (1.4.8)
      rack (~> 1.5)
      rack-protection (~> 1.4)
      tilt (>= 1.3, < 3)
    sqlite3 (1.3.13)
    tilt (2.0.6)

PLATFORMS
  ruby

DEPENDENCIES
  better-logger
  json
  nokogiri
  pg
  ruby-lzma
  sinatra
  sqlite3

BUNDLED WITH
   1.14.5
